GEM
  remote: https://rubygems.org/
  specs:
    benchmark-ips (2.8.2)

PLATFORMS
  ruby

DEPENDENCIES
  benchmark-ips (~> 2.8, >= 2.8.2)!

BUNDLED WITH
   2.1.2
