GEM
  remote: https://rubygems.org/
  specs:
    benchmark-memory (0.1.2)
      memory_profiler (~> 0.9)
    memory_profiler (0.9.14)

PLATFORMS
  ruby

DEPENDENCIES
  benchmark-memory (~> 0.1.2)!

BUNDLED WITH
   2.1.2
